GEM
  remote: https://rubygems.org/
  specs:
    ast (1.1.0)
    aws-sdk (1.11.3)
      json (~> 1.4)
      nokogiri (< 1.6.0)
      uuidtools (~> 2.1)
    exifr (1.1.3)
    json (1.8.0)
    nokogiri (1.5.9)
    parser (2.0.0.pre1)
      ast (~> 1.1)
      slop (~> 3.4, >= 3.4.5)
    rainbow (1.1.4)
    redcarpet (2.2.2)
    rubocop (0.9.1)
      parser (= 2.0.0.pre1)
      rainbow (>= 1.1.4)
    ruby-progressbar (1.1.1)
    slop (3.4.5)
    trollop (2.0)
    uuidtools (2.1.4)
    yard (0.8.6.2)

PLATFORMS
  ruby

DEPENDENCIES
  aws-sdk (~> 1.0)
  exifr
  redcarpet
  rubocop
  ruby-progressbar
  trollop
  yard
