GEM
  remote: https://rubygems.org/
  specs:
    aws-sdk (1.11.3)
      json (~> 1.4)
      nokogiri (< 1.6.0)
      uuidtools (~> 2.1)
    json (1.8.0)
    nokogiri (1.5.9)
    redcarpet (2.2.2)
    ruby-progressbar (1.1.1)
    trollop (2.0)
    uuidtools (2.1.4)
    yard (0.8.6.2)

PLATFORMS
  ruby

DEPENDENCIES
  aws-sdk (~> 1.0)
  redcarpet
  ruby-progressbar
  trollop
  yard
