GEM
  remote: https://rubygems.org/
  specs:
    nokogiri (1.5.9)
    trollop (2.0)

PLATFORMS
  ruby

DEPENDENCIES
  nokogiri
  trollop
